PATH
  remote: .
  specs:
    suspension (0.0.1)
      diff_match_patch
      repositext-kramdown

PATH
  remote: ../repositext-kramdown
  specs:
    repositext-kramdown (0.0.1)
      builder
      kramdown
      nokogiri
      rubyzip

GEM
  remote: http://rubygems.org/
  specs:
    builder (3.2.2)
    diff_match_patch (0.1.0)
    kramdown (1.2.0)
    mini_portile (0.5.1)
    minitest (5.0.7)
    minitest-spec-expect (0.1.3)
      minitest (~> 5.0)
    nokogiri (1.6.0)
      mini_portile (~> 0.5.0)
    rake (10.1.0)
    rubyzip (1.0.0)

PLATFORMS
  ruby

DEPENDENCIES
  minitest
  minitest-spec-expect
  rake
  repositext-kramdown!
  suspension!
