PATH
  remote: .
  specs:
    suspension (0.0.1)
      diff_match_patch_native

GEM
  remote: https://rubygems.org/
  specs:
    diff_match_patch_native (1.0.2)
      rice (>= 1.4.2)
    minitest (5.2.2)
    minitest-spec-expect (1.0.0)
      minitest (~> 5.0)
    rake (10.1.1)
    rice (1.6.0)

PLATFORMS
  ruby

DEPENDENCIES
  minitest
  minitest-spec-expect
  rake
  suspension!
