GIT
  remote: https://github.com/imazen/at-kramdown
  revision: df148b0338063f736f403b7be9a693ea55ff0981
  specs:
    repositext-kramdown (0.0.1)
      kramdown
      nokogiri
      rubyzip

PATH
  remote: .
  specs:
    suspension (0.0.1)
      diff_match_patch
      repositext-kramdown

GEM
  remote: http://rubygems.org/
  specs:
    diff_match_patch (0.1.0)
    kramdown (1.2.0)
    mini_portile (0.5.1)
    minitest (5.0.7)
    minitest-spec-expect (0.1.3)
      minitest (~> 5.0)
    nokogiri (1.6.0)
      mini_portile (~> 0.5.0)
    rake (10.1.0)
    rubyzip (1.0.0)

PLATFORMS
  ruby

DEPENDENCIES
  minitest
  minitest-spec-expect
  rake
  repositext-kramdown!
  suspension!
