PATH
  remote: .
  specs:
    suspension (0.0.1)
      diff_match_patch

GEM
  remote: http://rubygems.org/
  specs:
    diff_match_patch (0.1.0)
    minitest (5.0.7)
    minitest-spec-expect (0.1.3)
      minitest (~> 5.0)
    rake (10.1.0)

PLATFORMS
  ruby

DEPENDENCIES
  minitest
  minitest-spec-expect
  rake
  suspension!
